GEM
  remote: http://rubygems.org/
  specs:
    cuba (3.1.0)
      rack
    daemons (1.1.9)
    eventmachine (1.0.0)
    haml (3.1.7)
    mysql (2.9.0)
    pbkdf2 (0.1.0)
    rack (1.5.0)
    rack-protection (1.3.2)
      rack
    sequel (3.43.0)
    shield (1.0.0)
      pbkdf2
    shotgun (0.9)
      rack (>= 1.0)
    thin (1.5.0)
      daemons (>= 1.0.9)
      eventmachine (>= 0.12.6)
      rack (>= 1.0.0)
    tilt (1.3.3)

PLATFORMS
  ruby

DEPENDENCIES
  cuba
  haml
  mysql
  rack-protection
  sequel
  shield
  shotgun
  thin
  tilt
